GEM
  remote: https://rubygems.org/
  specs:
    addressable (2.2.8)
    bson (1.7.0)
    bson_ext (1.7.0)
      bson (~> 1.7.0)
    dm-core (1.2.0)
      addressable (~> 2.2.6)
    haml (5.0.0)
      temple (>= 0.8.0)
      tilt
    kgio (2.7.4)
    mongo (1.7.0)
      bson (~> 1.7.0)
    rack (1.4.1)
    rack-protection (1.2.0)
      rack
    raindrops (0.10.0)
    rufus-mnemo (1.2.3)
    sass (3.1.17)
    shotgun (0.9)
      rack (>= 1.0)
    sinatra (1.3.3)
      rack (~> 1.3, >= 1.3.6)
      rack-protection (~> 1.2)
      tilt (~> 1.3, >= 1.3.3)
    sinatra-partial (0.3.2)
      sinatra
    temple (0.8.2)
    tilt (1.3.3)
    unicorn (4.3.1)
      kgio (~> 2.6)
      rack
      raindrops (~> 0.7)

PLATFORMS
  ruby

DEPENDENCIES
  bson_ext
  dm-core
  haml
  mongo
  rufus-mnemo
  sass
  shotgun
  sinatra
  sinatra-partial
  unicorn
