GIT
  remote: git://github.com/github/linguist.git
  revision: 97399acb73c5449342d570b35257efbfc2385e03
  specs:
    github-linguist (2.0.1)
      charlock_holmes (~> 0.6.6)
      escape_utils (~> 0.2.3)
      mime-types (~> 1.18)
      pygments.rb (~> 0.2.13)

GEM
  remote: http://rubygems.org/
  specs:
    addressable (2.2.6)
    blankslate (2.1.2.4)
    charlock_holmes (0.6.8)
    dm-core (1.2.0)
      addressable (~> 2.2.6)
    escape_utils (0.2.4)
    ffi (1.0.11)
    haml (3.1.4)
    kgio (2.7.4)
    mime-types (1.19)
    pygments.rb (0.2.13)
      rubypython (~> 0.5.3)
    rack (1.4.1)
    rack-protection (1.2.0)
      rack
    raindrops (0.10.0)
    rubypython (0.5.3)
      blankslate (>= 2.1.2.3)
      ffi (~> 1.0.7)
    shotgun (0.9)
      rack (>= 1.0)
    sinatra (1.3.2)
      rack (~> 1.3, >= 1.3.6)
      rack-protection (~> 1.2)
      tilt (~> 1.3, >= 1.3.3)
    sinatra-partial (0.3.1)
      sinatra
    tilt (1.3.3)
    unicorn (4.3.1)
      kgio (~> 2.6)
      rack
      raindrops (~> 0.7)

PLATFORMS
  ruby

DEPENDENCIES
  dm-core
  github-linguist!
  haml
  shotgun
  sinatra
  sinatra-partial
  unicorn
