GEM
  remote: https://rubygems.org/
  specs:
    addressable (2.2.8)
    bson (1.7.0)
    bson_ext (1.7.0)
      bson (~> 1.7.0)
    dm-core (1.2.0)
      addressable (~> 2.2.6)
    haml (3.1.7)
    kgio (2.7.4)
    mongo (1.7.0)
      bson (~> 1.7.0)
    mustermann (1.1.1)
      ruby2_keywords (~> 0.0.1)
    rack (2.2.3)
    rack-protection (2.2.0)
      rack
    raindrops (0.10.0)
    ruby2_keywords (0.0.5)
    rufus-mnemo (1.2.3)
    sass (3.1.17)
    shotgun (0.9)
      rack (>= 1.0)
    sinatra (2.2.0)
      mustermann (~> 1.0)
      rack (~> 2.2)
      rack-protection (= 2.2.0)
      tilt (~> 2.0)
    sinatra-partial (0.3.2)
      sinatra
    tilt (2.0.10)
    unicorn (4.3.1)
      kgio (~> 2.6)
      rack
      raindrops (~> 0.7)

PLATFORMS
  ruby

DEPENDENCIES
  bson_ext
  dm-core
  haml
  mongo
  rufus-mnemo
  sass
  shotgun
  sinatra
  sinatra-partial
  unicorn
